PATH
  remote: .
  specs:
    decent (0.2.4)
      commander (~> 4.0)
      rest-client (~> 2.0)
      sequel (~> 4.0)
      sqlite3 (~> 1.3)

GEM
  remote: https://rubygems.org/
  specs:
    coderay (1.1.1)
    commander (4.4.3)
      highline (~> 1.7.2)
    diff-lcs (1.3)
    domain_name (0.5.20170404)
      unf (>= 0.0.5, < 1.0.0)
    highline (1.7.8)
    http-cookie (1.0.3)
      domain_name (~> 0.5)
    method_source (0.8.2)
    mime-types (3.1)
      mime-types-data (~> 3.2015)
    mime-types-data (3.2016.0521)
    netrc (0.11.0)
    pry (0.10.4)
      coderay (~> 1.1.0)
      method_source (~> 0.8.1)
      slop (~> 3.4)
    rake (10.5.0)
    rest-client (2.0.2)
      http-cookie (>= 1.0.2, < 2.0)
      mime-types (>= 1.16, < 4.0)
      netrc (~> 0.8)
    rspec (3.6.0)
      rspec-core (~> 3.6.0)
      rspec-expectations (~> 3.6.0)
      rspec-mocks (~> 3.6.0)
    rspec-core (3.6.0)
      rspec-support (~> 3.6.0)
    rspec-expectations (3.6.0)
      diff-lcs (>= 1.2.0, < 2.0)
      rspec-support (~> 3.6.0)
    rspec-mocks (3.6.0)
      diff-lcs (>= 1.2.0, < 2.0)
      rspec-support (~> 3.6.0)
    rspec-support (3.6.0)
    sequel (4.47.0)
    slop (3.6.0)
    sqlite3 (1.3.13)
    unf (0.1.4)
      unf_ext
    unf_ext (0.0.7.4)

PLATFORMS
  ruby

DEPENDENCIES
  bundler (~> 1.13)
  decent!
  pry
  rake (~> 10.0)
  rspec (~> 3.0)

BUNDLED WITH
   1.13.6
