PATH
  remote: .
  specs:
    decent (0.2.5)
      commander (~> 4.0)
      sequel (~> 4.0)
      sqlite3 (~> 1.3)

GEM
  remote: https://rubygems.org/
  specs:
    coderay (1.1.1)
    commander (4.4.3)
      highline (~> 1.7.2)
    diff-lcs (1.3)
    highline (1.7.8)
    method_source (0.8.2)
    pry (0.10.4)
      coderay (~> 1.1.0)
      method_source (~> 0.8.1)
      slop (~> 3.4)
    rake (10.5.0)
    rspec (3.6.0)
      rspec-core (~> 3.6.0)
      rspec-expectations (~> 3.6.0)
      rspec-mocks (~> 3.6.0)
    rspec-core (3.6.0)
      rspec-support (~> 3.6.0)
    rspec-expectations (3.6.0)
      diff-lcs (>= 1.2.0, < 2.0)
      rspec-support (~> 3.6.0)
    rspec-mocks (3.6.0)
      diff-lcs (>= 1.2.0, < 2.0)
      rspec-support (~> 3.6.0)
    rspec-support (3.6.0)
    sequel (4.47.0)
    slop (3.6.0)
    sqlite3 (1.3.13)

PLATFORMS
  ruby

DEPENDENCIES
  bundler (~> 1.13)
  decent!
  pry
  rake (~> 10.0)
  rspec (~> 3.0)

BUNDLED WITH
   1.15.0
